NUGET
  remote: https://www.nuget.org/api/v2
    Aether (8.1.2)
    Chiron (6.2)
      Aether (>= 8.0.2 < 9.0)
      FParsec (>= 1.0 < 2.0)
    FParsec (1.0.2)
    FSharp.Core (4.0.0.1) - redirects: force
    Hopac (0.3.13)
      FSharp.Core (>= 3.1.2.5)
    Hopac.Plus (0.1.2)
      FSharp.Core (>= 3.1.2.5)
      Hopac (>= 0.3.12 < 0.4)
    Http.fs (4.0.2)
      FSharp.Core (>= 3.1.2.5)
      Hopac (>= 0.3.13)
GITHUB
  remote: neoeinstein/YoLo
    YoLo.fs (af94ad314389ef1ec0e2e16f80856d706b3210d7)
GROUP Build
NUGET
  remote: https://www.nuget.org/api/v2
    FAKE (4.38.3)
    FSharp.Compiler.Service (2.0.0.6)
    FSharp.Formatting (2.14.4)
      FSharp.Compiler.Service (2.0.0.6)
      FSharpVSPowerTools.Core (>= 2.3 < 2.4)
    FSharpVSPowerTools.Core (2.3)
      FSharp.Compiler.Service (>= 2.0.0.3)
    Microsoft.Bcl (1.1.10) - framework: net10, net11, net20, net30, net35, net40, net40-full
      Microsoft.Bcl.Build (>= 1.0.14)
    Microsoft.Bcl.Build (1.0.21) - import_targets: false, framework: net10, net11, net20, net30, net35, net40, net40-full
    Microsoft.Net.Http (2.2.29) - framework: net10, net11, net20, net30, net35, net40, net40-full
      Microsoft.Bcl (>= 1.1.10)
      Microsoft.Bcl.Build (>= 1.0.14)
    Octokit (0.21.1)
      Microsoft.Net.Http  - framework: net10, net11, net20, net30, net35, net40, net40-full
    SourceLink.Fake (1.1)
GITHUB
  remote: fsharp/FAKE
    modules/Octokit/Octokit.fsx (487d6a0dcf0f4b5450c9ce4cefa0a02b478166d9)
      Octokit
GROUP Test
NUGET
  remote: https://www.nuget.org/api/v2
    NUnit (2.6.4)
    NUnit.Runners (2.6.4)
