NUGET
  remote: https://www.nuget.org/api/v2
    Aether (8.1.2)
    Chiron (6.2)
      Aether (>= 8.0.2 < 9.0)
      FParsec (>= 1.0 < 2.0)
    FParsec (1.0.2)
    FSharp.Core (4.0.0.1) - redirects: force
    Hopac (0.3.4)
      FSharp.Core (>= 3.1.2.5)
    Hopac.Plus (0.1.1)
      FSharp.Core (>= 3.1.2.5)
      Hopac (>= 0.3.4 < 0.4)
    Http.fs (3.0.7)
      FSharp.Core (>= 3.1.2.5)
      Hopac (>= 0.3.4)
GITHUB
  remote: neoeinstein/YoLo
    YoLo.fs (acffdc6dbda8671e039b83e149c976384b9c47c9)
GROUP Build
NUGET
  remote: https://www.nuget.org/api/v2
    FAKE (4.37.2)
    FSharp.Compiler.Service (2.0.0.6)
    FSharp.Formatting (2.14.4)
      FSharp.Compiler.Service (2.0.0.6)
      FSharpVSPowerTools.Core (>= 2.3 < 2.4)
    FSharpVSPowerTools.Core (2.3)
      FSharp.Compiler.Service (>= 2.0.0.3)
    Microsoft.Bcl (1.1.10) - framework: net10, net11, net20, net30, net35, net40, net40-full
      Microsoft.Bcl.Build (>= 1.0.14)
    Microsoft.Bcl.Build (1.0.21) - import_targets: false, framework: net10, net11, net20, net30, net35, net40, net40-full
    Microsoft.Net.Http (2.2.29) - framework: net10, net11, net20, net30, net35, net40, net40-full
      Microsoft.Bcl (>= 1.1.10)
      Microsoft.Bcl.Build (>= 1.0.14)
    Octokit (0.21.1)
      Microsoft.Net.Http  - framework: net10, net11, net20, net30, net35, net40, net40-full
    SourceLink.Fake (1.1)
GITHUB
  remote: fsharp/FAKE
    modules/Octokit/Octokit.fsx (934dc8313e2c54793813058fe2540511ad3b8468)
      Octokit
GROUP Test
NUGET
  remote: https://www.nuget.org/api/v2
    NUnit (2.6.4)
    NUnit.Runners (2.6.4)
